GEM
  remote: http://rubygems.org/
  specs:
    bluecloth (2.0.9)
    haml (3.0.23)
    mango (0.5.1)
      bluecloth (~> 2.0.9)
      bundler (~> 1.0.0)
      haml (~> 3.0.22)
      rack (~> 1.2.1)
      sinatra (~> 1.1.0)
      thor (~> 0.14.3)
    rack (1.2.1)
    sinatra (1.1.0)
      rack (~> 1.1)
      tilt (~> 1.1)
    thor (0.14.3)
    tilt (1.1)

PLATFORMS
  ruby

DEPENDENCIES
  mango (~> 0.5.1)
