GEM
  remote: http://rubygems.org/
  specs:
    bluecloth (2.1.0)
    coffee-script (2.2.0)
      coffee-script-source
      execjs
    coffee-script-source (1.1.1)
    execjs (1.0.0)
      multi_json (~> 1.0)
    haml (3.1.1)
    liquid (2.2.2)
    mango (0.6.1)
      bluecloth (~> 2.1.0)
      bundler (~> 1.0.7)
      coffee-script (~> 2.2.0)
      haml (~> 3.1.1)
      liquid (~> 2.2.2)
      rack (~> 1.2.2)
      sass (~> 3.1.1)
      sinatra (~> 1.2.6)
      thor (~> 0.14.6)
    multi_json (1.0.3)
    rack (1.2.3)
    sass (3.1.1)
    sinatra (1.2.6)
      rack (~> 1.1)
      tilt (>= 1.2.2, < 2.0)
    therubyracer-heroku (0.8.1.pre3)
    thor (0.14.6)
    tilt (1.3.2)

PLATFORMS
  ruby

DEPENDENCIES
  mango (~> 0.6.1)
  therubyracer-heroku (= 0.8.1.pre3)
