GEM
  remote: http://rubygems.org/
  specs:
    bluecloth (2.1.0)
    haml (3.0.25)
    mango (0.5.4)
      bluecloth (~> 2.1.0)
      bundler (~> 1.0.7)
      haml (~> 3.0.25)
      rack (~> 1.2.2)
      sinatra (~> 1.1.4)
      thor (~> 0.14.6)
    rack (1.2.2)
    sinatra (1.1.4)
      rack (~> 1.1)
      tilt (>= 1.2.2, < 2.0)
    thor (0.14.6)
    tilt (1.2.2)

PLATFORMS
  ruby

DEPENDENCIES
  mango (~> 0.5.4)
