GEM
  remote: http://rubygems.org/
  specs:
    bluecloth (2.0.9)
    haml (3.0.22)
    mango (0.5.0.beta1)
      bluecloth (~> 2.0.7)
      bundler (~> 1.0.0)
      haml (~> 3.0.18)
      rack (~> 1.2.1)
      sinatra (~> 1.0)
      thor (~> 0.14.0)
    rack (1.2.1)
    sinatra (1.0)
      rack (>= 1.0)
    thor (0.14.3)

PLATFORMS
  ruby

DEPENDENCIES
  mango (= 0.5.0.beta1)
